GEM
  remote: https://rubygems.org/
  specs:
    RedCloth (4.2.9)
    actionmailer (2.1.1)
      actionpack (= 2.1.1)
    actionpack (2.1.1)
      activesupport (= 2.1.1)
    activerecord (2.1.1)
      activesupport (= 2.1.1)
    activerecord-mysql2-adapter (0.0.3)
      mysql2
    activeresource (2.1.1)
      activesupport (= 2.1.1)
    activesupport (2.1.1)
    builder (3.2.2)
    ebnf (0.3.6)
      haml (~> 4.0)
      rdf (~> 1.1)
      sxp (~> 0.1, >= 0.1.3)
    haml (4.0.5)
      tilt
    i18n (0.6.9)
    mysql (2.9.1)
    mysql2 (0.3.16)
    net-http-persistent (1.9)
    rails (2.1.1)
      actionmailer (= 2.1.1)
      actionpack (= 2.1.1)
      activerecord (= 2.1.1)
      activeresource (= 2.1.1)
      activesupport (= 2.1.1)
      rake (>= 0.8.1)
    rake (10.3.2)
    rdf (1.1.4.1)
    rdf-aggregate-repo (1.1.0)
      rdf (>= 1.1)
    rdf-xsd (1.1.1)
      rdf (~> 1.1)
    sparql (1.1.3)
      builder (~> 3.0)
      ebnf (~> 0.3, >= 0.3.5)
      rdf (~> 1.1, >= 1.1.4)
      rdf-aggregate-repo (~> 1.1, >= 1.1.0)
      rdf-xsd (~> 1.1)
      sparql-client (~> 1.1)
      sxp (~> 0.1)
    sparql-client (1.1.2)
      net-http-persistent (~> 1.4)
      rdf (~> 1.1)
    sxp (0.1.5)
    test-unit (2.5.5)
    tilt (2.0.1)

PLATFORMS
  ruby

DEPENDENCIES
  RedCloth
  activerecord-mysql2-adapter
  i18n
  mysql
  mysql2
  rails (= 2.1.1)
  sparql (> 1)
  test-unit
